GEM
  remote: https://rubygems.org/
  specs:
    albino (1.3.3)
      posix-spawn (>= 0.3.6)
    ffi (1.9.10)
    jekyll-watch (1.4.0)
      listen (~> 3.0, < 3.1)
    kramdown (1.11.1)
    listen (3.0.8)
      rb-fsevent (~> 0.9, >= 0.9.4)
      rb-inotify (~> 0.9, >= 0.9.7)
    posix-spawn (0.3.11)
    rb-fsevent (0.9.6)
    rb-inotify (0.9.7)
      ffi (>= 0.5.0)
    redcarpet (2.3.0)
    rouge (1.11.1)

PLATFORMS
  ruby

DEPENDENCIES
  albino (~> 1.3)
  jekyll-watch
  kramdown
  redcarpet (~> 2.3)
  rouge

BUNDLED WITH
   1.10.6
